GEM
  remote: https://rubygems.org/
  specs:
    diff-lcs (1.5.1)
    diffy (3.4.2)
    rspec (3.13.0)
      rspec-core (~> 3.13.0)
      rspec-expectations (~> 3.13.0)
      rspec-mocks (~> 3.13.0)
    rspec-core (3.13.0)
      rspec-support (~> 3.13.0)
    rspec-expectations (3.13.1)
      diff-lcs (>= 1.2.0, < 2.0)
      rspec-support (~> 3.13.0)
    rspec-mocks (3.13.1)
      diff-lcs (>= 1.2.0, < 2.0)
      rspec-support (~> 3.13.0)
    rspec-support (3.13.1)

PLATFORMS
  ruby
  x86_64-darwin-21

DEPENDENCIES
  diffy (~> 3.4)
  rspec (~> 3.13)

RUBY VERSION
   ruby 3.2.2p53

BUNDLED WITH
   2.5.17
